PATH
  remote: ~/projects/mongo-logger
  specs:
    mongo-logger (0.0.1)
      SystemTimer
      bson_ext
      mongo

GEM
  remote: http://rubygems.org/
  specs:
    SystemTimer (1.2.3)
    activemodel (3.0.7)
      activesupport (= 3.0.7)
      builder (~> 2.1.2)
      i18n (~> 0.5.0)
    activerecord (3.0.7)
      activemodel (= 3.0.7)
      activesupport (= 3.0.7)
      arel (~> 2.0.2)
      tzinfo (~> 0.3.23)
    activesupport (3.0.7)
    amq-client (0.8.0)
      amq-protocol (>= 0.8.0)
      eventmachine
    amq-protocol (0.8.0)
    amqp (0.8.0.rc14)
      amq-client (>= 0.8.0)
      amq-protocol (>= 0.8.0)
      eventmachine
    arel (2.0.9)
    bson (1.3.1)
    bson_ext (1.3.1)
    builder (2.1.2)
    bunny (0.7.2)
    daemons (1.1.2)
    diff-lcs (1.1.2)
    eventmachine (0.12.10)
    hoptoad_notifier (2.4.9)
      activesupport
      builder
    i18n (0.5.0)
    mongo (1.3.1)
      bson (>= 1.3.1)
    mysql2 (0.2.6)
    rspec (2.6.0)
      rspec-core (~> 2.6.0)
      rspec-expectations (~> 2.6.0)
      rspec-mocks (~> 2.6.0)
    rspec-core (2.6.4)
    rspec-expectations (2.6.0)
      diff-lcs (~> 1.1.2)
    rspec-mocks (2.6.0)
    tzinfo (0.3.27)

PLATFORMS
  ruby

DEPENDENCIES
  SystemTimer (~> 1.2.0)
  activerecord
  amqp (= 0.8.0.rc14)
  bson (= 1.3.1)
  bson_ext (= 1.3.1)
  bunny
  daemons
  hoptoad_notifier
  mongo (= 1.3.1)
  mongo-logger!
  mysql2
  rspec
